GEM
  remote: https://rubygems.org/
  specs:
    minitest (5.7.0)
    rack (1.6.4)
    rack-test (0.6.3)
      rack (>= 1.0)

PLATFORMS
  ruby

DEPENDENCIES
  minitest
  rack
  rack-test

BUNDLED WITH
   1.10.6
